GEM
  remote: http://rubygems.org/
  specs:
    addressable (2.3.6)
    builder (3.2.2)
    descendants_tracker (0.0.4)
      thread_safe (~> 0.3, >= 0.3.1)
    diff-lcs (1.2.5)
    fakeweb (1.3.0)
    faraday (0.9.0)
      multipart-post (>= 1.2, < 3)
    git (1.2.6)
    github_api (0.11.3)
      addressable (~> 2.3)
      descendants_tracker (~> 0.0.1)
      faraday (~> 0.8, < 0.10)
      hashie (>= 1.2)
      multi_json (>= 1.7.5, < 2.0)
      nokogiri (~> 1.6.0)
      oauth2
    hashie (2.1.1)
    highline (1.6.21)
    jeweler (2.0.1)
      builder
      bundler (>= 1.0)
      git (>= 1.2.5)
      github_api
      highline (>= 1.6.15)
      nokogiri (>= 1.5.10)
      rake
      rdoc
    json (1.8.1)
    json (1.8.1-java)
    jwt (0.1.11)
      multi_json (>= 1.5)
    mini_portile (0.5.3)
    multi_json (1.9.2)
    multi_xml (0.5.5)
    multipart-post (2.0.0)
    nokogiri (1.6.1)
      mini_portile (~> 0.5.0)
    nokogiri (1.6.1-java)
      mini_portile (~> 0.5.0)
    oauth2 (0.9.3)
      faraday (>= 0.8, < 0.10)
      jwt (~> 0.1.8)
      multi_json (~> 1.3)
      multi_xml (~> 0.5)
      rack (~> 1.2)
    rack (1.5.2)
    rake (10.2.2)
    rdoc (3.12.2)
      json (~> 1.4)
    rspec (3.0.0)
      rspec-core (~> 3.0.0)
      rspec-expectations (~> 3.0.0)
      rspec-mocks (~> 3.0.0)
    rspec-core (3.0.2)
      rspec-support (~> 3.0.0)
    rspec-expectations (3.0.2)
      diff-lcs (>= 1.2.0, < 2.0)
      rspec-support (~> 3.0.0)
    rspec-legacy_formatters (1.0.0)
      rspec-core (>= 3.0.0.beta2)
      rspec-support (>= 3.0.0.beta2)
    rspec-mocks (3.0.2)
      rspec-support (~> 3.0.0)
    rspec-rainbow (0.1.0)
      rspec (>= 2.14.0, < 3.1.0)
    rspec-support (3.0.2)
    sys-proctable (0.9.4)
    sys-proctable (0.9.4-universal-darwin)
    thread_safe (0.3.3)
    thread_safe (0.3.3-java)

PLATFORMS
  java
  ruby
  x86_64-darwin-16

DEPENDENCIES
  fakeweb (~> 1.3)
  jeweler (~> 2.0)
  rspec (~> 3.0)
  rspec-legacy_formatters (~> 1.0)
  rspec-rainbow (~> 0.1)
  sys-proctable

BUNDLED WITH
   1.14.6
